GEM
  remote: https://rubygems.org/
  specs:
    addressable (2.4.0)
    arr-pm (0.0.10)
      cabin (> 0)
    backports (3.20.1)
    cabin (0.9.0)
    childprocess (0.9.0)
      ffi (~> 1.0, >= 1.0.11)
    clamp (1.0.1)
    dotenv (2.7.6)
    dpl (1.10.15)
    ethon (0.12.0)
      ffi (>= 1.3.0)
    faraday (0.17.3)
      multipart-post (>= 1.2, < 3)
    faraday_middleware (0.14.0)
      faraday (>= 0.7.4, < 1.0)
    ffi (1.12.2)
    fpm (1.12.0)
      arr-pm (~> 0.0.10)
      backports (>= 2.6.2)
      cabin (>= 0.6.0)
      childprocess (< 1.0.0)
      clamp (~> 1.0.0)
      ffi (~> 1.12.0)
      git (>= 1.3.0, < 2.0)
      json (>= 1.7.7, < 3.0)
      pleaserun (~> 0.0.29)
      ruby-xz (~> 0.2.3)
      stud
    gh (0.15.1)
      addressable (~> 2.4.0)
      backports
      faraday (~> 0.8)
      multi_json (~> 1.0)
      net-http-persistent (~> 2.9)
      net-http-pipeline
    git (1.8.1)
      rchardet (~> 1.8)
    highline (1.7.10)
    insist (1.0.0)
    io-like (0.3.1)
    json (2.5.1)
    launchy (2.4.3)
      addressable (~> 2.3)
    multi_json (1.14.1)
    multipart-post (2.1.1)
    mustache (0.99.8)
    net-http-persistent (2.9.4)
    net-http-pipeline (1.0.1)
    pleaserun (0.0.31)
      cabin (> 0)
      clamp
      dotenv
      insist
      mustache (= 0.99.8)
      stud
    pusher-client (0.6.2)
      json
      websocket (~> 1.0)
    rchardet (1.8.0)
    ruby-xz (0.2.3)
      ffi (~> 1.9)
      io-like (~> 0.3)
    stud (0.0.23)
    travis (1.8.12)
      backports
      faraday (~> 0.9)
      faraday_middleware (~> 0.9, >= 0.9.1)
      gh (~> 0.13)
      highline (~> 1.6)
      launchy (~> 2.1)
      pusher-client (~> 0.4)
      typhoeus (~> 0.6, >= 0.6.8)
    typhoeus (0.8.0)
      ethon (>= 0.8.0)
    websocket (1.2.8)

PLATFORMS
  ruby

DEPENDENCIES
  dpl
  fpm (>= 1.12.0)
  travis (>= 1.8.11)

BUNDLED WITH
   1.17.3
